GEM
  remote: https://rubygems.org/
  specs:
    activesupport (4.0.13)
      i18n (~> 0.6, >= 0.6.9)
      minitest (~> 4.2)
      multi_json (~> 1.3)
      thread_safe (~> 0.1)
      tzinfo (~> 0.3.37)
    backports (3.6.4)
    chronic (0.10.2)
    chronic_duration (0.10.6)
      numerizer (~> 0.1.1)
    crack (0.1.8)
    eventbrite-client (0.1.1)
      httparty (~> 0.7.0)
      tzinfo (~> 0.3.22)
    httparty (0.7.8)
      crack (= 0.1.8)
    i18n (0.7.0)
    json (1.7.7)
    mime-types (1.25.1)
    minitest (4.7.5)
    multi_json (1.10.1)
    multipart-post (2.0.0)
    numerizer (0.1.1)
    ooyala-v2-api (0.0.3)
      json
      json
      rake
      rdoc
      rest-client (~> 1.6.6)
      rest-client (~> 1.6.6)
    rack (1.6.0)
    rack-protection (1.5.3)
      rack
    rack-test (0.6.3)
      rack (>= 1.0)
    rake (10.4.2)
    rdoc (4.2.0)
      json (~> 1.4)
    rest-client (1.6.8)
      mime-types (~> 1.16)
      rdoc (>= 2.4.2)
    sinatra (1.4.5)
      rack (~> 1.4)
      rack-protection (~> 1.4)
      tilt (~> 1.3, >= 1.3.4)
    sinatra-contrib (1.4.2)
      backports (>= 2.0)
      multi_json
      rack-protection
      rack-test
      sinatra (~> 1.4.0)
      tilt (~> 1.3)
    thread_safe (0.3.4)
    tilt (1.4.1)
    tzinfo (0.3.43)
    wuparty (1.2.6)
      httparty (>= 0.6.1)
      mime-types (~> 1.16)
      multipart-post (>= 1.0.1)

PLATFORMS
  ruby

DEPENDENCIES
  activesupport
  chronic
  chronic_duration
  eventbrite-client
  httparty (~> 0.7.0)
  json (= 1.7.7)
  multi_json
  ooyala-v2-api
  rest-client
  sinatra-contrib
  tzinfo (~> 0.3.22)
  wuparty
