GIT
  remote: git@github.com:delianides/wuparty.git
  revision: b8a5ab229d61f8469c1ecdf47042fc9528065124
  specs:
    wuparty (1.2.2)
      httparty (>= 0.6.1)
      mime-types (>= 1.16)
      multipart-post (>= 1.0.1)

GEM
  remote: https://rubygems.org/
  specs:
    backports (3.1.1)
    eventmachine (1.0.3)
    httparty (0.10.2)
      multi_json (~> 1.0)
      multi_xml (>= 0.5.2)
    json (1.7.7)
    mime-types (1.21)
    multi_json (1.7.0)
    multi_xml (0.5.3)
    multipart-post (1.2.0)
    rack (1.5.2)
    rack-protection (1.5.0)
      rack
    rack-test (0.6.2)
      rack (>= 1.0)
    sinatra (1.3.6)
      rack (~> 1.4)
      rack-protection (~> 1.3)
      tilt (~> 1.3, >= 1.3.3)
    sinatra-contrib (1.3.2)
      backports (>= 2.0)
      eventmachine
      rack-protection
      rack-test
      sinatra (~> 1.3.0)
      tilt (~> 1.3)
    tilt (1.3.5)

PLATFORMS
  ruby

DEPENDENCIES
  json
  sinatra-contrib
  wuparty!
