GIT
  remote: https://github.com/envoy/eventbrite-client.rb.git
  revision: a46378c8149d96f70eb5993e77ef7846507f707f
  specs:
    eventbrite-client (0.1.0)
      eventbrite-client
      httparty (~> 0.13.1)
      tzinfo

GIT
  remote: https://github.com/seven1m/wuparty.git
  revision: d78cde0daf298fa51366443dc6a4a0d4849d6e85
  specs:
    wuparty (1.2.6)
      httparty (>= 0.6.1)
      mime-types (~> 1.16)
      multipart-post (>= 1.0.1)

GEM
  remote: https://rubygems.org/
  specs:
    activesupport (3.2.13)
      i18n (= 0.6.1)
      multi_json (~> 1.0)
    backports (3.3.0)
    chronic (0.10.2)
    chronic_duration (0.10.2)
      numerizer (~> 0.1.1)
    eventmachine (1.0.3)
    httparty (0.13.3)
      json (~> 1.8)
      multi_xml (>= 0.5.2)
    i18n (0.6.1)
    json (1.8.2)
    mime-types (1.22)
    multi_json (1.7.2)
    multi_xml (0.5.5)
    multipart-post (2.0.0)
    numerizer (0.1.1)
    ooyala-v2-api (0.0.3)
      json
      rake
      rdoc
      rest-client (~> 1.6.6)
    rack (1.5.2)
    rack-protection (1.5.0)
      rack
    rack-test (0.6.2)
      rack (>= 1.0)
    rake (10.1.1)
    rdoc (4.1.1)
      json (~> 1.4)
    rest-client (1.6.7)
      mime-types (>= 1.16)
    sinatra (1.4.2)
      rack (~> 1.5, >= 1.5.2)
      rack-protection (~> 1.4)
      tilt (~> 1.3, >= 1.3.4)
    sinatra-contrib (1.4.0)
      backports (>= 2.0)
      eventmachine
      rack-protection
      rack-test
      sinatra (~> 1.4.2)
      tilt (~> 1.3)
    tilt (1.3.7)
    tzinfo (0.3.43)

PLATFORMS
  ruby

DEPENDENCIES
  activesupport
  chronic
  chronic_duration
  eventbrite-client!
  json (>= 1.8)
  ooyala-v2-api
  rest-client
  sinatra-contrib
  tzinfo (~> 0.3.22)
  wuparty!
